GEM
  remote: http://rubygems.org/
  specs:
    addressable (2.3.2)
    cookiejar (0.3.0)
    em-http-request (1.0.3)
      addressable (>= 2.2.3)
      cookiejar
      em-socksify
      eventmachine (>= 1.0.0.beta.4)
      http_parser.rb (>= 0.5.3)
    em-socksify (0.2.1)
      eventmachine (>= 1.0.0.beta.4)
    eventmachine (1.0.0)
    http_parser.rb (0.5.3)
    nokogiri (1.5.0)
    scamp (1.1.0)
      em-http-request (~> 1.0)
      eventmachine (~> 1.0.0.rc.4)
      yajl-ruby (~> 1.1)
    yajl-ruby (1.1.0)
    yuno (0.0.1)

PLATFORMS
  ruby

DEPENDENCIES
  nokogiri
  scamp (~> 1.1.0)
  yuno
